GEM
  remote: https://rubygems.org/
  specs:
    activesupport (3.0.0)
    faker (1.1.2)
      i18n (~> 0.5)
    i18n (0.6.1)

PLATFORMS
  ruby

DEPENDENCIES
  activesupport
  faker
